GEM
  remote: https://rubygems.org/
  specs:
    activesupport (3.2.14)
      i18n (~> 0.6, >= 0.6.4)
      multi_json (~> 1.0)
    addressable (2.3.5)
    coderay (1.0.9)
    em-hiredis (0.1.1)
      hiredis (~> 0.4.0)
    em-http-request (0.3.0)
      addressable (>= 2.0.0)
      escape_utils
      eventmachine (>= 0.12.9)
    em-websocket (0.5.0)
      eventmachine (>= 0.12.9)
      http_parser.rb (~> 0.5.3)
    escape_utils (0.3.2)
    eventmachine (0.12.10)
    glamazon (0.3.1)
      activesupport (>= 3.1.0)
      i18n (~> 0.6.0)
      yajl-ruby (>= 0.7.7)
    hiredis (0.4.5)
    http_parser.rb (0.5.3)
    i18n (0.6.4)
    method_source (0.8.2)
    multi_json (1.7.7)
    pry (0.9.12.2)
      coderay (~> 1.0.5)
      method_source (~> 0.8)
      slop (~> 3.4)
    rack (1.5.2)
    rack-fiber_pool (0.9.3)
    signature (0.1.7)
    sinatra (1.2.8)
      rack (~> 1.1)
      tilt (>= 1.2.2, < 2.0)
    slop (3.4.6)
    tilt (1.4.1)
    yajl-ruby (1.1.0)

PLATFORMS
  ruby

DEPENDENCIES
  activesupport (~> 3.1)
  em-hiredis (~> 0.1.0)
  em-http-request (~> 0.3.0)
  em-websocket
  eventmachine (~> 0.12.10)
  glamazon (~> 0.3.1)
  pry
  rack (~> 1.5)
  rack-fiber_pool (~> 0.9.2)
  signature (~> 0.1.6)
  sinatra (~> 1.2.6)
